PATH
  remote: .
  specs:
    sekrit (0.1.0)
      git (~> 1.5.0)
      rainbow (~> 3.0.0)
      terminal-table (~> 1.8.0)
      thor (~> 0.20.3)

GEM
  remote: https://rubygems.org/
  specs:
    git (1.5.0)
    minitest (5.11.3)
    rainbow (3.0.0)
    rake (10.5.0)
    terminal-table (1.8.0)
      unicode-display_width (~> 1.1, >= 1.1.1)
    thor (0.20.3)
    unicode-display_width (1.6.0)

PLATFORMS
  ruby

DEPENDENCIES
  bundler (~> 2.0)
  minitest (~> 5.0)
  rake (~> 10.0)
  sekrit!

BUNDLED WITH
   2.0.2
