PATH
  remote: .
  specs:
    sekrit (0.3.0)
      git (~> 1)
      rainbow (~> 3)
      terminal-table (~> 1)
      thor (~> 0.19)

GEM
  remote: https://rubygems.org/
  specs:
    addressable (2.8.1)
      public_suffix (>= 2.0.2, < 6.0)
    byebug (11.1.3)
    coderay (1.1.3)
    git (1.13.1)
      addressable (~> 2.8)
      rchardet (~> 1.8)
    method_source (1.0.0)
    minitest (5.14.4)
    pry (0.13.1)
      coderay (~> 1.1)
      method_source (~> 1.0)
    pry-byebug (3.9.0)
      byebug (~> 11.0)
      pry (~> 0.13.0)
    public_suffix (5.0.1)
    rainbow (3.0.0)
    rake (13.0.6)
    rchardet (1.8.0)
    terminal-table (1.8.0)
      unicode-display_width (~> 1.1, >= 1.1.1)
    thor (0.20.3)
    unicode-display_width (1.7.0)

PLATFORMS
  ruby

DEPENDENCIES
  bundler (~> 2)
  minitest (~> 5)
  pry-byebug (~> 3)
  rake (~> 13)
  sekrit!

BUNDLED WITH
   2.1.4
