PATH
  remote: .
  specs:
    sekrit (0.1.0)
      git (~> 1.5.0)
      rainbow (~> 3.0.0)
      terminal-table (~> 1.8.0)
      thor (~> 0.20.3)

GEM
  remote: https://rubygems.org/
  specs:
    byebug (11.1.1)
    coderay (1.1.2)
    git (1.5.0)
    method_source (0.9.2)
    minitest (5.14.0)
    pry (0.12.2)
      coderay (~> 1.1.0)
      method_source (~> 0.9.0)
    pry-byebug (3.7.0)
      byebug (~> 11.0)
      pry (~> 0.10)
    rainbow (3.0.0)
    rake (12.3.3)
    terminal-table (1.8.0)
      unicode-display_width (~> 1.1, >= 1.1.1)
    thor (0.20.3)
    unicode-display_width (1.6.1)

PLATFORMS
  ruby

DEPENDENCIES
  bundler (~> 2.0)
  minitest (~> 5.0)
  pry-byebug (~> 3.7.0)
  rake (~> 12)
  sekrit!

BUNDLED WITH
   2.1.4
